GEM
  remote: https://rubygems.org/
  specs:
    exifr (1.2.4)
    ffi (1.9.10)
    fspath (2.1.1)
    god (0.13.7)
    image_optim (0.22.1)
      exifr (~> 1.2, >= 1.2.2)
      fspath (~> 2.1)
      image_size (~> 1.3)
      in_threads (~> 1.3)
      progress (~> 3.0, >= 3.0.1)
    image_size (1.4.2)
    in_threads (1.3.1)
    progress (3.1.1)
    rb-inotify (0.9.7)
      ffi (>= 0.5.0)

PLATFORMS
  ruby

DEPENDENCIES
  god
  image_optim
  rb-inotify

BUNDLED WITH
   1.11.2
